PATH
  remote: .
  specs:
    partial_parameters (0.0.1)

GEM
  remote: https://rubygems.org/
  specs:
    minitest (5.10.1)
    rake (10.5.0)

PLATFORMS
  ruby

DEPENDENCIES
  bundler (~> 1.13)
  minitest (~> 5.0)
  partial_parameters!
  rake (~> 10.0)

BUNDLED WITH
   1.13.6
